GEM
  remote: https://rubygems.org/
  specs:
    pg (1.2.3)
    rack (2.2.3)
    webrick (1.7.0)

PLATFORMS
  x86_64-darwin-21

DEPENDENCIES
  pg
  rack
  webrick

BUNDLED WITH
   2.2.33
